{
  "TaskName": "dcs",
  "SamplingFrequency": 4096,
  "PowerLineFrequency": 50,
  "SoftwareFilters": "n/a",
  "HardwareFilters": "n/a",
  "Manufacturer": "Natus",
  "ManufacturersModelName": "Quantum",
  "TaskDescription": "Direct cortical stimulation evoking visual effects",
  "Instructions": "",
  "InstitutionName": "University Emergency Hopital Bucharest",
  "InstitutionAddress": "Bucharest, Romania",
  "ECOGChannelCount": 0,
  "SEEGChannelCount": 184,
  "EEGChannelCount": 0,
  "EOGChannelCount": 0,
  "ECGChannelCount": 0,
  "EMGChannelCount": 0,
  "MiscChannelCount": 0,
  "TriggerChannelCount": 0,
  "RecordingDuration": 21,
  "RecordingType": "continuous",
  "SubjectArtefactDescription": "High-frequency cortical stimulation artefact",
  "SoftwareVersions": "",
  "iEEGReference": "intracranial white matter electrode",
  "ElectrodeManufacturer": "DIXI Medical",
  "ElectrodeManufacturersModelName": "MicroDeep",
  "iEEGGround": "intracranial white matter electrode",
  "iEEGPlacementScheme": "",
  "iEEGElectrodeGroups": "",
  "ElectricalStimulation": true,
  "ElectricalStimulationParameters": "Bipolar 43.2 Hz alternating polarity (https://doi.org/10.1002/hbm.25749), 1 ms pulse width, train duration ≤5 s, intensity level 1 mA, applied on L05-L06"
}